GEM
  remote: http://rubygems.org/
  specs:
    rack (1.6.4)
    rack-protection (1.5.3)
      rack
    rack-test (0.6.3)
      rack (>= 1.0)
    rake (11.1.1)
    sinatra (1.4.7)
      rack (~> 1.5)
      rack-protection (~> 1.4)
      tilt (>= 1.3, < 3)
    tilt (2.0.2)

PLATFORMS
  ruby

DEPENDENCIES
  rack-test (>= 0.5.6)
  rake
  sinatra (~> 1.4.7)

BUNDLED WITH
   1.11.2
